GEM
  remote: https://rubygems.org/
  specs:
    minitest (5.11.3)

PLATFORMS
  ruby

DEPENDENCIES
  minitest

RUBY VERSION
   ruby 2.6.2p47

BUNDLED WITH
   1.17.2
